GEM
  remote: https://rubygems.org/
  specs:
    daemons (1.1.9)
    eventmachine (1.0.3)
    httparty (0.8.3)
      multi_json (~> 1.0)
      multi_xml
    multi_json (1.7.7)
    multi_xml (0.5.4)
    nest_thermostat (0.0.4)
      httparty (~> 0.8.3)
    rack (1.5.2)
    rack-protection (1.5.0)
      rack
    sinatra (1.4.3)
      rack (~> 1.4)
      rack-protection (~> 1.4)
      tilt (~> 1.3, >= 1.3.4)
    thin (1.5.1)
      daemons (>= 1.0.9)
      eventmachine (>= 0.12.6)
      rack (>= 1.0.0)
    tilt (1.4.1)

PLATFORMS
  ruby

DEPENDENCIES
  nest_thermostat
  sinatra
  thin
